GIT
  remote: git@github.com:awesome-print/awesome_print.git
  revision: 9a591077c0aecfe8101b05f16c5472b79247cbc6
  specs:
    awesome_print (1.8.0)

GEM
  remote: https://rubygems.org/
  specs:
    addressable (2.3.6)
    coderay (1.1.0)
    diff-lcs (1.2.5)
    faraday (0.9.0)
      multipart-post (>= 1.2, < 3)
    hashie (3.3.1)
    method_source (0.8.2)
    multipart-post (2.0.0)
    octokit (2.7.2)
      sawyer (~> 0.5.2)
    pry (0.10.1)
      coderay (~> 1.1.0)
      method_source (~> 0.8.1)
      slop (~> 3.4)
    rack (1.5.2)
    rack-protection (1.5.3)
      rack
    rspec (3.1.0)
      rspec-core (~> 3.1.0)
      rspec-expectations (~> 3.1.0)
      rspec-mocks (~> 3.1.0)
    rspec-core (3.1.5)
      rspec-support (~> 3.1.0)
    rspec-expectations (3.1.2)
      diff-lcs (>= 1.2.0, < 2.0)
      rspec-support (~> 3.1.0)
    rspec-mocks (3.1.2)
      rspec-support (~> 3.1.0)
    rspec-support (3.1.1)
    sawyer (0.5.5)
      addressable (~> 2.3.5)
      faraday (~> 0.8, < 0.10)
    sinatra (1.4.4)
      rack (~> 1.4)
      rack-protection (~> 1.4)
      tilt (~> 1.3, >= 1.3.4)
    slop (3.6.0)
    tilt (1.4.1)

PLATFORMS
  ruby

DEPENDENCIES
  awesome_print!
  hashie
  octokit (~> 2.0)
  pry
  rspec
  sinatra (= 1.4.4)

BUNDLED WITH
   1.15.1
